GEM
  remote: https://rubygems.org/
  specs:
    RedCloth (4.3.2)
    asciidoctor (1.5.6.1)
    builder (3.2.3)
    byebug (9.1.0)
    charlock_holmes (0.7.5)
    creole (0.5.0)
    diff-lcs (1.3)
    dotenv (2.2.1)
    expression_parser (0.9.0)
    gemojione (3.3.0)
      json
    github-markdown (0.6.9)
    github-markup (1.6.1)
    gitlab-grit (2.8.2)
      charlock_holmes (~> 0.6)
      diff-lcs (~> 1.1)
      mime-types (>= 1.16)
      posix-spawn (~> 0.3)
    gollum (4.1.2)
      gemojione (~> 3.2)
      gollum-lib (>= 4.2.7)
      kramdown (~> 1.9.0)
      mustache (>= 0.99.5, < 1.0.0)
      sinatra (~> 1.4, >= 1.4.4)
      useragent (~> 0.16.2)
    gollum-grit_adapter (1.0.1)
      gitlab-grit (~> 2.7, >= 2.7.1)
    gollum-lib (4.2.7)
      gemojione (~> 3.2)
      github-markup (~> 1.6)
      gollum-grit_adapter (~> 1.0)
      nokogiri (>= 1.6.1, < 2.0)
      rouge (~> 2.1)
      sanitize (~> 2.1)
      stringex (~> 2.6)
    htmlentities (4.3.4)
    json (2.1.0)
    kramdown (1.9.0)
    mime-types (3.1)
      mime-types-data (~> 3.2015)
    mime-types-data (3.2016.0521)
    mini_portile2 (2.3.0)
    mustache (0.99.8)
    mustermann (1.0.1)
    nokogiri (1.8.1)
      mini_portile2 (~> 2.3.0)
    org-ruby (0.9.12)
      rubypants (~> 0.2)
    posix-spawn (0.3.13)
    puma (3.10.0)
    rack (1.6.8)
    rack-protection (1.5.3)
      rack
    rouge (2.2.1)
    rubypants (0.6.0)
    sanitize (2.1.0)
      nokogiri (>= 1.4.4)
    sinatra (1.4.5)
      rack (~> 1.4)
      rack-protection (~> 1.4)
      tilt (~> 1.3, >= 1.3.4)
    stringex (2.7.1)
    tilt (1.4.1)
    twitter-text (1.14.7)
      unf (~> 0.1.0)
    unf (0.1.4)
      unf_ext
    unf_ext (0.0.7.4)
    useragent (0.16.8)
    wikicloth (0.8.3)
      builder
      expression_parser
      htmlentities
      nokogiri
      twitter-text

PLATFORMS
  ruby

DEPENDENCIES
  RedCloth
  asciidoctor
  byebug
  creole
  dotenv
  github-markdown
  gollum
  org-ruby
  puma
  rack
  sinatra
  wikicloth

BUNDLED WITH
   1.15.1
